PATH
  remote: .
  specs:
    lapis_lazuli (0.8.1)
      facets (~> 2.9)
      faraday (~> 0.9)
      faraday_json (~> 0.1)
      faraday_middleware (~> 0.9)
      json (~> 1.8)
      minitest (~> 5.5)
      multi_xml (~> 0.5)
      teelogger (~> 0.4)
      thor (~> 0.19)

GEM
  remote: https://rubygems.org/
  specs:
    docile (1.1.5)
    facets (2.9.3)
    faraday (0.9.1)
      multipart-post (>= 1.2, < 3)
    faraday_json (0.1.2)
      faraday (>= 0.7.4, < 0.10)
    faraday_middleware (0.10.0)
      faraday (>= 0.7.4, < 0.10)
    json (1.8.3)
    minitest (5.7.0)
    multi_xml (0.5.5)
    multipart-post (2.0.0)
    rake (10.4.2)
    require_all (1.3.2)
    simplecov (0.10.0)
      docile (~> 1.1.0)
      json (~> 1.8)
      simplecov-html (~> 0.10.0)
    simplecov-html (0.10.0)
    tai64 (0.0.5)
    teelogger (0.5.1)
      require_all (~> 1.3)
      tai64 (~> 0.0)
    thor (0.19.1)

PLATFORMS
  ruby

DEPENDENCIES
  bundler (~> 1.6)
  lapis_lazuli!
  rake
  simplecov
