PATH
  remote: .
  specs:
    lapis_lazuli (0.5.0)
      facets (~> 2.9)
      faraday (~> 0.9.0)
      faraday_middleware (~> 0.9.1)
      json (~> 1.8.1)
      multi_xml (~> 0.5.5)
      thor (~> 0.19)

GEM
  remote: https://rubygems.org/
  specs:
    facets (2.9.3)
    faraday (0.9.0)
      multipart-post (>= 1.2, < 3)
    faraday_middleware (0.9.1)
      faraday (>= 0.7.4, < 0.10)
    json (1.8.1)
    multi_xml (0.5.5)
    multipart-post (2.0.0)
    rake (10.4.2)
    thor (0.19.1)

PLATFORMS
  ruby

DEPENDENCIES
  bundler (~> 1.6)
  lapis_lazuli!
  rake
