PATH
  remote: .
  specs:
    lapis_lazuli (0.0.1)
      facets (~> 2.9)
      thor (~> 0.19)

GEM
  remote: https://rubygems.org/
  specs:
    facets (2.9.3)
    rake (10.3.2)
    thor (0.19.1)

PLATFORMS
  ruby

DEPENDENCIES
  bundler (~> 1.6)
  lapis_lazuli!
  rake
